GEM
  remote: https://rubygems.org/
  specs:
    addressable (2.8.0)
      public_suffix (>= 2.0.2, < 5.0)
    airrecord (1.0.10)
      faraday (>= 1.0, < 3.0)
      faraday-net_http_persistent
      net-http-persistent
    ast (2.4.0)
    coderay (1.1.2)
    connection_pool (2.2.5)
    crack (0.4.3)
      safe_yaml (~> 1.0.0)
    diff-lcs (1.5.0)
    dotenv (2.8.1)
    faraday (2.7.5)
      faraday-net_http (>= 2.0, < 3.1)
      ruby2_keywords (>= 0.0.4)
    faraday-multipart (1.0.4)
      multipart-post (~> 2)
    faraday-net_http (3.0.2)
    faraday-net_http_persistent (2.1.0)
      faraday (~> 2.5)
      net-http-persistent (~> 4.0)
    hashdiff (1.0.1)
    hashie (5.0.0)
    inflection (1.0.0)
    jaro_winkler (1.5.4)
    method_source (1.0.0)
    mini_mime (1.1.2)
    multipart-post (2.3.0)
    net-http-persistent (4.0.1)
      connection_pool (~> 2.2)
    parallel (1.19.1)
    parser (2.7.1.1)
      ast (~> 2.4.0)
    pry (0.13.1)
      coderay (~> 1.1)
      method_source (~> 1.0)
    public_suffix (4.0.6)
    rainbow (3.0.0)
    rake (13.0.6)
    rexml (3.2.5)
    rspec (3.11.0)
      rspec-core (~> 3.11.0)
      rspec-expectations (~> 3.11.0)
      rspec-mocks (~> 3.11.0)
    rspec-core (3.11.0)
      rspec-support (~> 3.11.0)
    rspec-expectations (3.11.0)
      diff-lcs (>= 1.2.0, < 2.0)
      rspec-support (~> 3.11.0)
    rspec-mocks (3.11.1)
      diff-lcs (>= 1.2.0, < 2.0)
      rspec-support (~> 3.11.0)
    rspec-support (3.11.0)
    rubocop (0.80.1)
      jaro_winkler (~> 1.5.1)
      parallel (~> 1.10)
      parser (>= 2.7.0.1)
      rainbow (>= 2.2.2, < 4.0)
      rexml
      ruby-progressbar (~> 1.7)
      unicode-display_width (>= 1.4.0, < 1.7)
    rubocop-performance (1.5.2)
      rubocop (>= 0.71.0)
    ruby-progressbar (1.10.1)
    ruby2_keywords (0.0.5)
    safe_yaml (1.0.5)
    standard (0.2.4)
      rubocop (~> 0.80.1)
      rubocop-performance (~> 1.5.2)
    unicode-display_width (1.6.1)
    webmock (3.8.3)
      addressable (>= 2.3.6)
      crack (>= 0.3.2)
      hashdiff (>= 0.4.0, < 2.0.0)
    zendesk_api (2.0.1)
      faraday (> 2.0.0)
      faraday-multipart
      hashie (>= 3.5.2, < 6.0.0)
      inflection
      mini_mime
      multipart-post (~> 2.0)

PLATFORMS
  ruby

DEPENDENCIES
  airrecord
  dotenv
  pry
  rake
  rspec
  standard
  webmock
  zendesk_api

BUNDLED WITH
   2.1.4
